GEM
  remote: https://rubygems.org/
  specs:
    ast (1.1.0)
    diff-lcs (1.2.5)
    docile (1.1.3)
    flog (4.2.0)
      ruby_parser (~> 3.1, > 3.1.0)
      sexp_processor (~> 4.4)
    git_fame (1.2.1)
      hirb
      mimer_plus
      progressbar
      trollop
    hirb (0.7.1)
    json (1.8.1)
    mimer_plus (0.0.4)
    minitest (5.3.1)
    multi_json (1.9.0)
    parser (2.1.7)
      ast (~> 1.1)
      slop (~> 3.4, >= 3.4.5)
    powerpack (0.0.9)
    progressbar (0.21.0)
    rainbow (2.0.0)
    redcarpet (3.1.1)
    reek (1.3.6)
      ruby2ruby (~> 2.0.7)
      ruby_parser (~> 3.2)
      sexp_processor
    rspec (2.14.1)
      rspec-core (~> 2.14.0)
      rspec-expectations (~> 2.14.0)
      rspec-mocks (~> 2.14.0)
    rspec-core (2.14.8)
    rspec-expectations (2.14.5)
      diff-lcs (>= 1.1.3, < 2.0)
    rspec-mocks (2.14.6)
    rspec-pride (2.3.0)
      rspec (~> 2.10)
    rubocop (0.19.0)
      json (>= 1.7.7, < 2)
      parser (~> 2.1.7)
      powerpack (~> 0.0.6)
      rainbow (>= 1.99.1, < 3.0)
      ruby-progressbar (~> 1.4)
    ruby-progressbar (1.4.2)
    ruby2ruby (2.0.7)
      ruby_parser (~> 3.1)
      sexp_processor (~> 4.0)
    ruby_parser (3.4.1)
      sexp_processor (~> 4.1)
    sexp_processor (4.4.2)
    simplecov (0.8.2)
      docile (~> 1.1.0)
      multi_json
      simplecov-html (~> 0.8.0)
    simplecov-html (0.8.0)
    slop (3.5.0)
    trollop (2.0)
    yard (0.8.7.3)
    yardstick (0.9.9)
      yard (~> 0.8, >= 0.8.7.2)

PLATFORMS
  ruby

DEPENDENCIES
  flog
  git_fame
  minitest
  redcarpet
  reek
  rspec
  rspec-pride
  rubocop
  simplecov
  yard
  yardstick
