PATH
  remote: .
  specs:
    joos (1)

GEM
  remote: https://rubygems.org/
  specs:
    ast (1.1.0)
    diff-lcs (1.2.5)
    docile (1.1.2)
    flog (4.2.0)
      ruby_parser (~> 3.1, > 3.1.0)
      sexp_processor (~> 4.4)
    kramdown (1.3.1)
    minitest (5.2.1)
    multi_json (1.8.4)
    parser (2.1.4)
      ast (~> 1.1)
      slop (~> 3.4, >= 3.4.5)
    powerpack (0.0.9)
    rainbow (1.99.1)
    rspec (2.14.1)
      rspec-core (~> 2.14.0)
      rspec-expectations (~> 2.14.0)
      rspec-mocks (~> 2.14.0)
    rspec-core (2.14.7)
    rspec-expectations (2.14.4)
      diff-lcs (>= 1.1.3, < 2.0)
    rspec-mocks (2.14.4)
    rspec-pride (2.3.0)
      rspec (~> 2.10)
    rubocop (0.16.0)
      parser (~> 2.1)
      powerpack (~> 0.0.6)
      rainbow (>= 1.1.4)
    ruby_parser (3.2.2)
      sexp_processor (~> 4.1)
    sexp_processor (4.4.1)
    simplecov (0.8.2)
      docile (~> 1.1.0)
      multi_json
      simplecov-html (~> 0.8.0)
    simplecov-html (0.8.0)
    slop (3.4.7)
    yard (0.8.7.3)
    yardstick (0.9.7)
      yard (~> 0.8, >= 0.8.7)

PLATFORMS
  ruby

DEPENDENCIES
  flog
  joos!
  kramdown
  minitest
  rspec
  rspec-pride
  rubocop
  simplecov
  yard
  yardstick
